GEM
  remote: http://rubygems.org/
  specs:
    activesupport (4.2.4)
      i18n (~> 0.7)
      json (~> 1.7, >= 1.7.7)
      minitest (~> 5.1)
      thread_safe (~> 0.3, >= 0.3.4)
      tzinfo (~> 1.1)
    addressable (2.3.8)
    ast (2.1.0)
    astrolabe (1.3.1)
      parser (~> 2.2)
    builder (3.2.2)
    coderay (1.1.0)
    descendants_tracker (0.0.4)
      thread_safe (~> 0.3, >= 0.3.1)
    diff-lcs (1.1.3)
    docile (1.1.5)
    ethon (0.7.4)
      ffi (>= 1.3.0)
    faraday (0.9.1)
      multipart-post (>= 1.2, < 3)
    ffi (1.9.10)
    git (1.2.9.1)
    github_api (0.12.4)
      addressable (~> 2.3)
      descendants_tracker (~> 0.0.4)
      faraday (~> 0.8, < 0.10)
      hashie (>= 3.4)
      multi_json (>= 1.7.5, < 2.0)
      nokogiri (~> 1.6.6)
      oauth2
    hashie (3.4.2)
    highline (1.7.3)
    i18n (0.7.0)
    jeweler (2.0.1)
      builder
      bundler (>= 1.0)
      git (>= 1.2.5)
      github_api
      highline (>= 1.6.15)
      nokogiri (>= 1.5.10)
      rake
      rdoc
    json (1.8.3)
    jwt (1.5.1)
    method_source (0.8.2)
    mini_portile (0.6.2)
    minitest (5.8.0)
    multi_json (1.11.2)
    multi_xml (0.5.5)
    multipart-post (2.0.0)
    nokogiri (1.6.6.2)
      mini_portile (~> 0.6.0)
    oauth2 (1.0.0)
      faraday (>= 0.8, < 0.10)
      jwt (~> 1.0)
      multi_json (~> 1.3)
      multi_xml (~> 0.5)
      rack (~> 1.2)
    parser (2.2.2.6)
      ast (>= 1.1, < 3.0)
    powerpack (0.1.1)
    pry (0.10.1)
      coderay (~> 1.1.0)
      method_source (~> 0.8.1)
      slop (~> 3.4)
    rack (1.6.4)
    rainbow (2.0.0)
    rake (10.4.2)
    rdoc (3.12.2)
      json (~> 1.4)
    rspec (2.8.0)
      rspec-core (~> 2.8.0)
      rspec-expectations (~> 2.8.0)
      rspec-mocks (~> 2.8.0)
    rspec-core (2.8.0)
    rspec-expectations (2.8.0)
      diff-lcs (~> 1.1.2)
    rspec-mocks (2.8.0)
    rubocop (0.34.1)
      astrolabe (~> 1.3)
      parser (>= 2.2.2.5, < 3.0)
      powerpack (~> 0.1)
      rainbow (>= 1.99.1, < 3.0)
      ruby-progressbar (~> 1.4)
    ruby-progressbar (1.7.5)
    simplecov (0.10.0)
      docile (~> 1.1.0)
      json (~> 1.8)
      simplecov-html (~> 0.10.0)
    simplecov-html (0.10.0)
    slop (3.6.0)
    thread_safe (0.3.5)
    typhoeus (0.7.3)
      ethon (>= 0.7.4)
    tzinfo (1.2.2)
      thread_safe (~> 0.1)
    yajl-ruby (1.2.1)

PLATFORMS
  ruby

DEPENDENCIES
  activesupport
  bundler (~> 1.0)
  jeweler (~> 2.0.1)
  nokogiri
  pry
  rdoc (~> 3.12)
  rspec (~> 2.8.0)
  rubocop
  simplecov
  typhoeus
  yajl-ruby

BUNDLED WITH
   1.10.6
